GEM
  remote: http://rubygems.org/
  specs:
    json (1.8.3)
    rake (10.5.0)
    rake-compiler (0.9.5)
      rake
    rdoc (4.2.2)
      json (~> 1.4)

PLATFORMS
  ruby

DEPENDENCIES
  rake-compiler
  rdoc

BUNDLED WITH
   1.11.2
