GEM
  remote: http://rubygems.org/
  specs:
    coderay (1.1.0)
    json (1.8.3)
    method_source (0.8.2)
    pry (0.10.3)
      coderay (~> 1.1.0)
      method_source (~> 0.8.1)
      slop (~> 3.4)
    rake (10.5.0)
    rake-compiler (0.9.5)
      rake
    rdoc (4.2.2)
      json (~> 1.4)
    slop (3.6.0)

PLATFORMS
  ruby

DEPENDENCIES
  pry
  rake-compiler
  rdoc

BUNDLED WITH
   1.11.2
